GEM
  remote: https://rubygems.org/
  specs:
    byebug (11.1.3)
    coderay (1.1.3)
    method_source (1.0.0)
    pry (0.14.2)
      coderay (~> 1.1)
      method_source (~> 1.0)
    pry-byebug (3.10.1)
      byebug (~> 11.0)
      pry (>= 0.13, < 0.15)
    rubywarrior (0.1.3)

PLATFORMS
  ruby

DEPENDENCIES
  pry-byebug (~> 3.10)
  rubywarrior (~> 0.1.3)

BUNDLED WITH
   2.1.4
